GIT
  remote: git://github.com/etehtsea/aasm
  revision: 09efa3e579d05e6d30e66c43a62954d4e278f0cf
  specs:
    aasm (2.2.0)

GIT
  remote: git://github.com/openteam/formtastic-cocoon
  revision: 654021e3aac7b978050196954538f534a14e3dc4
  specs:
    formtastic_cocoon (0.0.2)

GIT
  remote: git://github.com/openteam/inherited_resources
  revision: dbaaa01b1064c43828fb8358ad4adf5b168a69eb
  specs:
    inherited_resources (1.2.1)
      has_scope (~> 0.5.0)
      responders (~> 0.6.0)

GIT
  remote: git://github.com/tacid/russian
  revision: 544a5e931a9044d941ff6f6746b10722f2fdb326
  specs:
    russian (0.2.8.pre)

GEM
  remote: http://rubygems.org/
  specs:
    abstract (1.0.0)
    actionmailer (3.0.9)
      actionpack (= 3.0.9)
      mail (~> 2.2.19)
    actionpack (3.0.9)
      activemodel (= 3.0.9)
      activesupport (= 3.0.9)
      builder (~> 2.1.2)
      erubis (~> 2.6.6)
      i18n (~> 0.5.0)
      rack (~> 1.2.1)
      rack-mount (~> 0.6.14)
      rack-test (~> 0.5.7)
      tzinfo (~> 0.3.23)
    active_reload (0.6.0)
    activemodel (3.0.9)
      activesupport (= 3.0.9)
      builder (~> 2.1.2)
      i18n (~> 0.5.0)
    activerecord (3.0.9)
      activemodel (= 3.0.9)
      activesupport (= 3.0.9)
      arel (~> 2.0.10)
      tzinfo (~> 0.3.23)
    activeresource (3.0.9)
      activemodel (= 3.0.9)
      activesupport (= 3.0.9)
    activesupport (3.0.9)
    arel (2.0.10)
    bcrypt-ruby (2.1.4)
    builder (2.1.2)
    cancan (1.6.4)
    capybara (0.4.1.2)
      celerity (>= 0.7.9)
      culerity (>= 0.2.4)
      mime-types (>= 1.16)
      nokogiri (>= 1.3.3)
      rack (>= 1.0.0)
      rack-test (>= 0.5.4)
      selenium-webdriver (>= 0.0.27)
      xpath (~> 0.1.3)
    celerity (0.8.9)
    childprocess (0.1.8)
      ffi (~> 1.0.6)
    chunky_png (1.1.1)
    compass (0.11.1)
      chunky_png (~> 1.1)
      fssm (>= 0.2.7)
      sass (~> 3.1)
    configliere (0.4.7)
      json
    configuration (1.2.0)
    culerity (0.2.15)
    database_cleaner (0.6.7)
    default_value_for (1.0.1)
    devise (1.3.3)
      bcrypt-ruby (~> 2.1.2)
      orm_adapter (~> 0.0.3)
      warden (~> 1.0.3)
    diff-lcs (1.1.2)
    dynamic_form (1.1.4)
    erubis (2.6.6)
      abstract (>= 1.0.0)
    escape (0.0.4)
    factory_girl (1.3.3)
    factory_girl_rails (1.0.1)
      factory_girl (~> 1.3)
      railties (>= 3.0.0)
    fancy-buttons (1.0.4)
      compass (>= 0.10.6)
    ffi (1.0.7)
      rake (>= 0.8.7)
    formtastic (1.2.3)
      actionpack (>= 2.3.7)
      activesupport (>= 2.3.7)
      i18n (~> 0.4)
    fssm (0.2.7)
    gilenson (1.1.1)
    gravtastic (3.1.0)
    guard (0.6.2)
      thor (~> 0.14.6)
    guard-rspec (0.4.3)
      guard (>= 0.4.0)
    guard-spork (0.2.1)
      guard (>= 0.2.2)
      spork (>= 0.8.4)
    has_enum (0.9.1)
      rails (~> 3.0.0)
    has_scope (0.5.0)
    hirb (0.4.5)
    hoptoad_notifier (2.4.11)
      activesupport
      builder
    i18n (0.5.0)
    itslog (0.6.0)
    jquery-rails (0.2.7)
      rails (~> 3.0)
      thor (~> 0.14.4)
    json (1.5.3)
    json_pure (1.5.1)
    kgio (2.6.0)
    launchy (0.4.0)
      configuration (>= 0.0.5)
      rake (>= 0.8.1)
    libnotify (0.5.7)
    mail (2.2.19)
      activesupport (>= 2.3.6)
      i18n (>= 0.4.0)
      mime-types (~> 1.16)
      treetop (~> 1.4.8)
    mime-types (1.16)
    nokogiri (1.4.4)
    orm_adapter (0.0.4)
    paperclip (2.3.11)
      activerecord (>= 2.3.0)
      activesupport (>= 2.3.2)
    pg (0.11.0)
    polyglot (0.3.2)
    pr_geohash (1.0.0)
    protected_parent (0.1.0)
    racc (1.4.6)
    rack (1.2.3)
    rack-mount (0.6.14)
      rack (>= 1.0.0)
    rack-test (0.5.7)
      rack (>= 1.0)
    rails (3.0.9)
      actionmailer (= 3.0.9)
      actionpack (= 3.0.9)
      activerecord (= 3.0.9)
      activeresource (= 3.0.9)
      activesupport (= 3.0.9)
      bundler (~> 1.0)
      railties (= 3.0.9)
    rails-erd (0.4.5)
      activerecord (~> 3.0)
      activesupport (~> 3.0)
      ruby-graphviz (~> 0.9.18)
    rails3-generators (0.17.4)
      railties (>= 3.0.0)
    railties (3.0.9)
      actionpack (= 3.0.9)
      activesupport (= 3.0.9)
      rake (>= 0.8.7)
      rdoc (~> 3.4)
      thor (~> 0.14.4)
    raindrops (0.7.0)
    rake (0.9.2)
    rb-inotify (0.8.6)
      ffi (>= 0.5.0)
    rdoc (3.9.3)
    render_inheritable (1.0.0)
      rails (~> 3.0)
    responders (0.6.2)
    rr (1.0.2)
    rsolr (0.12.1)
      builder (>= 2.1.2)
    rspec (2.5.0)
      rspec-core (~> 2.5.0)
      rspec-expectations (~> 2.5.0)
      rspec-mocks (~> 2.5.0)
    rspec-core (2.5.1)
    rspec-expectations (2.5.0)
      diff-lcs (~> 1.1.2)
    rspec-mocks (2.5.0)
    rspec-rails (2.5.0)
      actionpack (~> 3.0)
      activesupport (~> 3.0)
      railties (~> 3.0)
      rspec (~> 2.5.0)
    ruby-filemagic (0.4.2)
    ruby-graphviz (0.9.21)
    rubyzip (0.9.4)
    sass (3.1.0)
    selenium-webdriver (0.2.0)
      childprocess (>= 0.1.7)
      ffi (>= 1.0.7)
      json_pure
      rubyzip
    shoulda (2.11.3)
    show_for (0.2.4)
    simple-navigation (3.2.0)
      activesupport (>= 2.3.2)
    spork (0.8.5)
    sqlite3 (1.3.3)
    sqlite3-ruby (1.3.3)
      sqlite3 (>= 1.3.3)
    steak (1.1.0)
      rspec (>= 1.3)
    sunspot (1.2.1)
      escape (= 0.0.4)
      pr_geohash (~> 1.0)
      rsolr (= 0.12.1)
    sunspot_rails (1.2.1)
      nokogiri
      sunspot (= 1.2.1)
    thor (0.14.6)
    treetop (1.4.10)
      polyglot
      polyglot (>= 0.3.1)
    tzinfo (0.3.29)
    unicorn (4.1.1)
      kgio (~> 2.4)
      rack
      raindrops (~> 0.6)
    validation_reflection (1.0.0)
    warden (1.0.3)
      rack (>= 1.0.0)
    will_paginate (3.0.pre2)
    xpath (0.1.4)
      nokogiri (~> 1.3)

PLATFORMS
  ruby

DEPENDENCIES
  aasm!
  active_reload
  cancan
  capybara
  compass
  configliere
  database_cleaner
  default_value_for
  devise
  dynamic_form
  factory_girl_rails
  fancy-buttons
  formtastic
  formtastic_cocoon!
  gilenson
  gravtastic
  guard-rspec
  guard-spork
  has_enum
  hirb
  hoptoad_notifier
  inherited_resources!
  itslog
  jquery-rails
  launchy
  libnotify
  mime-types
  nokogiri
  paperclip
  pg
  protected_parent
  racc
  rails
  rails-erd
  rails3-generators
  rb-inotify
  render_inheritable
  rr
  rspec-rails
  ruby-filemagic
  russian!
  shoulda
  show_for
  simple-navigation
  sqlite3-ruby
  steak
  sunspot
  sunspot_rails
  unicorn
  validation_reflection
  will_paginate (>= 3.0.pre2)
